GEM
  remote: https://rubygems.org/
  specs:
    unicode (0.4.4.4)

PLATFORMS
  ruby

DEPENDENCIES
  unicode (~> 0.4.4.4)

BUNDLED WITH
   1.15.3
